GEM
  remote: https://rubygems.org/
  specs:
    csv (3.0.0)
    json (2.1.0)
    mustermann (1.0.3)
    rack (2.0.5)
    rack-protection (2.0.4)
      rack
    shotgun (0.9.2)
      rack (>= 1.0)
    sinatra (2.0.4)
      mustermann (~> 1.0)
      rack (~> 2.0)
      rack-protection (= 2.0.4)
      tilt (~> 2.0)
    tilt (2.0.8)

PLATFORMS
  ruby

DEPENDENCIES
  bundler
  csv
  json
  shotgun
  sinatra

RUBY VERSION
   ruby 2.5.1p57

BUNDLED WITH
   1.16.2
